PATH
  remote: .
  specs:
    i2x (0.0.3)

GEM
  remote: https://rubygems.org/
  specs:
    rake (10.1.1)

PLATFORMS
  ruby

DEPENDENCIES
  bundler (~> 1.5)
  i2x!
  rake
